PATH
  remote: .
  specs:
    dew (0.2.7)
      clamp (~> 0.2.2)
      fog (~> 0.8.2)
      gofer (~> 0.2.5)
      highline (~> 1.6.2)
      inform (~> 0.0.4)
      nokogiri
      opensrs
      terminal-table (~> 1.4.2)

GEM
  remote: http://rubygems.org/
  specs:
    builder (3.0.0)
    clamp (0.2.3)
    cucumber (0.10.7)
      builder (>= 2.1.2)
      diff-lcs (>= 1.1.2)
      gherkin (~> 2.4.0)
      json (>= 1.4.6)
      term-ansicolor (>= 1.0.5)
    diff-lcs (1.1.2)
    excon (0.6.5)
    flay (1.4.3)
      ruby_parser (~> 2.0)
      sexp_processor (~> 3.0)
    fog (0.8.2)
      builder
      excon (~> 0.6.1)
      formatador (>= 0.1.3)
      json
      mime-types
      net-ssh (>= 2.1.3)
      nokogiri (>= 1.4.4)
      ruby-hmac
    formatador (0.2.0)
    geminabox (0.3.0)
      builder
      sinatra
    gherkin (2.4.6)
      json (>= 1.4.6)
    gofer (0.2.5)
      net-scp (>= 1.0.4)
      net-ssh (>= 2.0.23)
    highline (1.6.2)
    inform (0.0.5)
    json (1.5.3)
    libxml-ruby (2.1.2)
    mime-types (1.16)
    net-scp (1.0.4)
      net-ssh (>= 1.99.1)
    net-ssh (2.1.4)
    nokogiri (1.5.0)
    opensrs (0.3.2)
      libxml-ruby (~> 2.1.2)
    rack (1.3.2)
    rake (0.8.7)
    rspec (2.6.0)
      rspec-core (~> 2.6.0)
      rspec-expectations (~> 2.6.0)
      rspec-mocks (~> 2.6.0)
    rspec-core (2.6.4)
    rspec-expectations (2.6.0)
      diff-lcs (~> 1.1.2)
    rspec-mocks (2.6.0)
    ruby-hmac (0.4.0)
    ruby_parser (2.0.6)
      sexp_processor (~> 3.0)
    sexp_processor (3.0.5)
    simplecov (0.4.2)
      simplecov-html (~> 0.4.4)
    simplecov-html (0.4.5)
    sinatra (1.2.6)
      rack (~> 1.1)
      tilt (>= 1.2.2, < 2.0)
    term-ansicolor (1.0.6)
    terminal-table (1.4.2)
    tilt (1.3.2)

PLATFORMS
  ruby

DEPENDENCIES
  cucumber (~> 0.10.3)
  dew!
  flay (~> 1.4.2)
  geminabox
  rake (~> 0.8.7)
  rspec (~> 2.6.0)
  simplecov (~> 0.4.0)
