PATH
  remote: .
  specs:
    dew (0.3.0)
      clamp (~> 0.2.3)
      fog (~> 1.0.0)
      gofer (~> 0.2.5)
      highline (~> 1.6.2)
      inform (~> 0.0.5)
      nokogiri
      opensrs
      terminal-table (~> 1.4.3)

GEM
  remote: http://rubygems.org/
  specs:
    builder (3.0.0)
    clamp (0.2.3)
    cucumber (0.10.7)
      builder (>= 2.1.2)
      diff-lcs (>= 1.1.2)
      gherkin (~> 2.4.0)
      json (>= 1.4.6)
      term-ansicolor (>= 1.0.5)
    diff-lcs (1.1.3)
    excon (0.7.6)
    flay (1.4.3)
      ruby_parser (~> 2.0)
      sexp_processor (~> 3.0)
    fog (1.0.0)
      builder
      excon (~> 0.7.3)
      formatador (~> 0.2.0)
      mime-types
      multi_json (~> 1.0.3)
      net-scp (~> 1.0.4)
      net-ssh (~> 2.1.4)
      nokogiri (~> 1.5.0)
      ruby-hmac
    formatador (0.2.1)
    geminabox (0.3.2)
      builder
      sinatra
    gherkin (2.4.21)
      json (>= 1.4.6)
    gofer (0.2.5)
      net-scp (>= 1.0.4)
      net-ssh (>= 2.0.23)
    highline (1.6.2)
    inform (0.0.5)
    json (1.6.1)
    libxml-ruby (2.1.2)
    mime-types (1.17.1)
    multi_json (1.0.3)
    net-scp (1.0.4)
      net-ssh (>= 1.99.1)
    net-ssh (2.1.4)
    nokogiri (1.5.0)
    opensrs (0.3.2)
      libxml-ruby (~> 2.1.2)
    rack (1.3.5)
    rack-protection (1.1.4)
      rack
    rake (0.8.7)
    rspec (2.6.0)
      rspec-core (~> 2.6.0)
      rspec-expectations (~> 2.6.0)
      rspec-mocks (~> 2.6.0)
    rspec-core (2.6.4)
    rspec-expectations (2.6.0)
      diff-lcs (~> 1.1.2)
    rspec-mocks (2.6.0)
    ruby-hmac (0.4.0)
    ruby_parser (2.3.1)
      sexp_processor (~> 3.0)
    sexp_processor (3.0.7)
    simplecov (0.4.2)
      simplecov-html (~> 0.4.4)
    simplecov-html (0.4.5)
    sinatra (1.3.1)
      rack (~> 1.3, >= 1.3.4)
      rack-protection (~> 1.1, >= 1.1.2)
      tilt (~> 1.3, >= 1.3.3)
    term-ansicolor (1.0.7)
    terminal-table (1.4.3)
    tilt (1.3.3)

PLATFORMS
  ruby

DEPENDENCIES
  cucumber (~> 0.10.3)
  dew!
  flay (~> 1.4.2)
  geminabox
  rake (~> 0.8.7)
  rspec (~> 2.6.0)
  simplecov (~> 0.4.0)
